GEM
  remote: https://rubygems.org/
  specs:
    coderay (1.1.3)
    method_source (1.0.0)
    minitest (5.18.0)
    pry (0.14.2)
      coderay (~> 1.1)
      method_source (~> 1.0)
    purdytest (2.0.0)
      minitest (~> 5.5)

PLATFORMS
  x86_64-darwin-22

DEPENDENCIES
  minitest
  pry
  purdytest

BUNDLED WITH
   2.3.17
